GEM
  remote: https://rubygems.org/
  specs:
    daemons (1.1.9)
    domain_name (0.5.15)
      unf (>= 0.0.5, < 1.0.0)
    eventmachine (1.0.3)
    http-cookie (1.0.2)
      domain_name (~> 0.5)
    httparty (0.12.0)
      json (~> 1.8)
      multi_xml (>= 0.5.2)
    json (1.8.1)
    multi_xml (0.5.5)
    rack (1.5.2)
    rack-protection (1.5.1)
      rack
    shotgun (0.9)
      rack (>= 1.0)
    sinatra (1.4.4)
      rack (~> 1.4)
      rack-protection (~> 1.4)
      tilt (~> 1.3, >= 1.3.4)
    thin (1.6.1)
      daemons (>= 1.0.9)
      eventmachine (>= 1.0.0)
      rack (>= 1.0.0)
    tilt (1.4.1)
    unf (0.1.3)
      unf_ext
    unf_ext (0.0.6)

PLATFORMS
  ruby

DEPENDENCIES
  http-cookie
  httparty
  json
  shotgun
  sinatra
  thin
